GEM
  remote: http://rubygems.org/
  specs:
    actionmailer (2.3.5)
      actionpack (= 2.3.5)
    actionpack (2.3.5)
      activesupport (= 2.3.5)
      rack (~> 1.0.0)
    activerecord (2.3.5)
      activesupport (= 2.3.5)
    activeresource (2.3.5)
      activesupport (= 2.3.5)
    activesupport (2.3.5)
    formtastic (1.1.0)
      actionpack (>= 2.3.0)
      activesupport (>= 2.3.0)
      i18n (>= 0.4.0)
    googlepagerank (1.0.4)
      activesupport (>= 1.4.2)
      hoe (>= 1.5.3)
      hpricot (>= 0.4.86)
    haml (3.0.25)
    has_scope (0.4.2)
    hoe (2.9.1)
      rake (>= 0.8.7)
    hpricot (0.8.3)
    i18n (0.5.0)
    inherited_resources (1.0.3)
      has_scope (~> 0.4.2)
      responders (~> 0.4.3)
    rack (1.0.1)
    rails (2.3.5)
      actionmailer (= 2.3.5)
      actionpack (= 2.3.5)
      activerecord (= 2.3.5)
      activeresource (= 2.3.5)
      activesupport (= 2.3.5)
      rake (>= 0.8.3)
    rake (0.8.7)
    responders (0.4.7)

PLATFORMS
  ruby

DEPENDENCIES
  formtastic
  googlepagerank
  haml
  inherited_resources (= 1.0.3)
  rails (= 2.3.5)
